PATH
  remote: ../..
  specs:
    rulers (0.0.3)
      json (~> 2.2)
      rack (~> 2.0)

GEM
  remote: https://rubygems.org/
  specs:
    json (2.2.0)
    rack (2.0.7)

PLATFORMS
  ruby

DEPENDENCIES
  rulers!

BUNDLED WITH
   1.17.2
