PATH
  remote: ../..
  specs:
    rulers (0.0.3)
      json (~> 2.2)
      rack (~> 2.0)

GEM
  remote: https://rubygems.org/
  specs:
    byebug (11.0.1)
    coderay (1.1.2)
    ffi (1.11.1)
    json (2.2.0)
    listen (3.1.5)
      rb-fsevent (~> 0.9, >= 0.9.4)
      rb-inotify (~> 0.9, >= 0.9.7)
      ruby_dep (~> 1.2)
    method_source (0.9.2)
    nio4r (2.5.1)
    pry (0.12.2)
      coderay (~> 1.1.0)
      method_source (~> 0.9.0)
    pry-byebug (3.7.0)
      byebug (~> 11.0)
      pry (~> 0.10)
    puma (4.1.1)
      nio4r (~> 2.0)
    rack (2.0.7)
    rb-fsevent (0.10.3)
    rb-inotify (0.10.0)
      ffi (~> 1.0)
    rerun (0.13.0)
      listen (~> 3.0)
    ruby_dep (1.5.0)

PLATFORMS
  ruby

DEPENDENCIES
  listen
  pry-byebug
  puma
  rerun
  rulers!

BUNDLED WITH
   1.17.2
